PATH
  remote: .
  specs:
    mirrors (0.0.3)
      method_source (~> 0.8)

GEM
  remote: https://rubygems.org/
  specs:
    ast (2.3.0)
    byebug (9.0.6)
    docile (1.1.5)
    json (1.8.3)
    method_source (0.8.2)
    minitest (5.9.1)
    parallel (1.12.1)
    parser (2.4.0.2)
      ast (~> 2.3)
    powerpack (0.1.1)
    rainbow (2.2.2)
      rake
    rake (12.3.0)
    rubocop (0.49.1)
      parallel (~> 1.10)
      parser (>= 2.3.3.1, < 3.0)
      powerpack (~> 0.1)
      rainbow (>= 1.99.1, < 3.0)
      ruby-progressbar (~> 1.7)
      unicode-display_width (~> 1.0, >= 1.0.1)
    ruby-progressbar (1.9.0)
    simplecov (0.12.0)
      docile (~> 1.1.0)
      json (>= 1.8, < 3)
      simplecov-html (~> 0.10.0)
    simplecov-html (0.10.0)
    unicode-display_width (1.3.0)
    yard (0.9.20)

PLATFORMS
  ruby

DEPENDENCIES
  byebug
  minitest (~> 5.0)
  mirrors!
  rubocop (~> 0.49.0)
  simplecov (~> 0.12)
  yard (~> 0.9.11)

BUNDLED WITH
   1.16.0
